PATH
  remote: .
  specs:
    superlime (0.1.0)

GEM
  remote: https://rubygems.org/
  specs:
    minitest (5.14.0)
    rake (13.0.1)

PLATFORMS
  x64-mingw32

DEPENDENCIES
  minitest (~> 5.0)
  rake (~> 13.0)
  superlime!

BUNDLED WITH
   2.2.0.rc.1
